GEM
  remote: https://rubygems.org/
  specs:
    actioncable (6.1.7.6)
      actionpack (= 6.1.7.6)
      activesupport (= 6.1.7.6)
      nio4r (~> 2.0)
      websocket-driver (>= 0.6.1)
    actionmailbox (6.1.7.6)
      actionpack (= 6.1.7.6)
      activejob (= 6.1.7.6)
      activerecord (= 6.1.7.6)
      activestorage (= 6.1.7.6)
      activesupport (= 6.1.7.6)
      mail (>= 2.7.1)
    actionmailer (6.1.7.6)
      actionpack (= 6.1.7.6)
      actionview (= 6.1.7.6)
      activejob (= 6.1.7.6)
      activesupport (= 6.1.7.6)
      mail (~> 2.5, >= 2.5.4)
      rails-dom-testing (~> 2.0)
    actionpack (6.1.7.6)
      actionview (= 6.1.7.6)
      activesupport (= 6.1.7.6)
      rack (~> 2.0, >= 2.0.9)
      rack-test (>= 0.6.3)
      rails-dom-testing (~> 2.0)
      rails-html-sanitizer (~> 1.0, >= 1.2.0)
    actiontext (6.1.7.6)
      actionpack (= 6.1.7.6)
      activerecord (= 6.1.7.6)
      activestorage (= 6.1.7.6)
      activesupport (= 6.1.7.6)
      nokogiri (>= 1.8.5)
    actionview (6.1.7.6)
      activesupport (= 6.1.7.6)
      builder (~> 3.1)
      erubi (~> 1.4)
      rails-dom-testing (~> 2.0)
      rails-html-sanitizer (~> 1.1, >= 1.2.0)
    activejob (6.1.7.6)
      activesupport (= 6.1.7.6)
      globalid (>= 0.3.6)
    activemodel (6.1.7.6)
      activesupport (= 6.1.7.6)
    activerecord (6.1.7.6)
      activemodel (= 6.1.7.6)
      activesupport (= 6.1.7.6)
    activestorage (6.1.7.6)
      actionpack (= 6.1.7.6)
      activejob (= 6.1.7.6)
      activerecord (= 6.1.7.6)
      activesupport (= 6.1.7.6)
      marcel (~> 1.0)
      mini_mime (>= 1.1.0)
    activesupport (6.1.7.6)
      concurrent-ruby (~> 1.0, >= 1.0.2)
      i18n (>= 1.6, < 2)
      minitest (>= 5.1)
      tzinfo (~> 2.0)
      zeitwerk (~> 2.3)
    bcrypt (3.1.20)
    bindex (0.8.1)
    bluecloth (2.2.0)
    builder (3.2.4)
    cancancan (3.5.0)
    coderay (1.1.3)
    coffee-rails (5.0.0)
      coffee-script (>= 2.2.0)
      railties (>= 5.2.0)
    coffee-script (2.4.1)
      coffee-script-source
      execjs
    coffee-script-source (1.12.2)
    concurrent-ruby (1.2.2)
    crass (1.0.6)
    css3buttons (1.0.1)
      actionpack (>= 3.0.0)
    date (3.3.4)
    devise (4.9.3)
      bcrypt (~> 3.0)
      orm_adapter (~> 0.1)
      railties (>= 4.1.0)
      responders
      warden (~> 1.2.3)
    diff-lcs (1.5.0)
    em-websocket (0.5.3)
      eventmachine (>= 0.12.9)
      http_parser.rb (~> 0)
    erubi (1.12.0)
    eventmachine (1.2.7)
    execjs (2.9.1)
    ffi (1.16.3)
    formatador (1.1.0)
    globalid (1.2.1)
      activesupport (>= 6.1)
    guard (2.18.1)
      formatador (>= 0.2.4)
      listen (>= 2.7, < 4.0)
      lumberjack (>= 1.0.12, < 2.0)
      nenv (~> 0.1)
      notiffany (~> 0.0)
      pry (>= 0.13.0)
      shellany (~> 0.0)
      thor (>= 0.18.1)
    guard-compat (1.2.1)
    guard-livereload (2.5.2)
      em-websocket (~> 0.5)
      guard (~> 2.8)
      guard-compat (~> 1.0)
      multi_json (~> 1.8)
    http_parser.rb (0.8.0)
    i18n (1.14.1)
      concurrent-ruby (~> 1.0)
    jquery-rails (4.6.0)
      rails-dom-testing (>= 1, < 3)
      railties (>= 4.2.0)
      thor (>= 0.14, < 2.0)
    listen (3.8.0)
      rb-fsevent (~> 0.10, >= 0.10.3)
      rb-inotify (~> 0.9, >= 0.9.10)
    loofah (2.22.0)
      crass (~> 1.0.2)
      nokogiri (>= 1.12.0)
    lumberjack (1.2.10)
    mail (2.8.1)
      mini_mime (>= 0.1.1)
      net-imap
      net-pop
      net-smtp
    marcel (1.0.2)
    method_source (1.0.0)
    mini_mime (1.1.5)
    mini_portile2 (2.8.5)
    minitest (5.20.0)
    multi_json (1.15.0)
    mysql2 (0.5.3)
    nenv (0.3.0)
    net-imap (0.4.9)
      date
      net-protocol
    net-pop (0.1.2)
      net-protocol
    net-protocol (0.2.2)
      timeout
    net-smtp (0.4.0)
      net-protocol
    nio4r (2.7.0)
    nokogiri (1.16.0)
      mini_portile2 (~> 2.8.2)
      racc (~> 1.4)
    notiffany (0.1.3)
      nenv (~> 0.1)
      shellany (~> 0.0)
    orm_adapter (0.5.0)
    pg (1.5.4)
    pry (0.14.2)
      coderay (~> 1.1)
      method_source (~> 1.0)
    racc (1.7.3)
    rack (2.2.8)
    rack-test (2.1.0)
      rack (>= 1.3)
    rails (6.1.7.6)
      actioncable (= 6.1.7.6)
      actionmailbox (= 6.1.7.6)
      actionmailer (= 6.1.7.6)
      actionpack (= 6.1.7.6)
      actiontext (= 6.1.7.6)
      actionview (= 6.1.7.6)
      activejob (= 6.1.7.6)
      activemodel (= 6.1.7.6)
      activerecord (= 6.1.7.6)
      activestorage (= 6.1.7.6)
      activesupport (= 6.1.7.6)
      bundler (>= 1.15.0)
      railties (= 6.1.7.6)
      sprockets-rails (>= 2.0.0)
    rails-dom-testing (2.2.0)
      activesupport (>= 5.0.0)
      minitest
      nokogiri (>= 1.6)
    rails-html-sanitizer (1.6.0)
      loofah (~> 2.21)
      nokogiri (~> 1.14)
    railties (6.1.7.6)
      actionpack (= 6.1.7.6)
      activesupport (= 6.1.7.6)
      method_source
      rake (>= 12.2)
      thor (~> 1.0)
    rake (13.1.0)
    rb-fsevent (0.11.2)
    rb-inotify (0.10.1)
      ffi (~> 1.0)
    responders (3.1.1)
      actionpack (>= 5.2)
      railties (>= 5.2)
    rspec (3.12.0)
      rspec-core (~> 3.12.0)
      rspec-expectations (~> 3.12.0)
      rspec-mocks (~> 3.12.0)
    rspec-core (3.12.2)
      rspec-support (~> 3.12.0)
    rspec-expectations (3.12.3)
      diff-lcs (>= 1.2.0, < 2.0)
      rspec-support (~> 3.12.0)
    rspec-mocks (3.12.6)
      diff-lcs (>= 1.2.0, < 2.0)
      rspec-support (~> 3.12.0)
    rspec-rails (6.1.0)
      actionpack (>= 6.1)
      activesupport (>= 6.1)
      railties (>= 6.1)
      rspec-core (~> 3.12)
      rspec-expectations (~> 3.12)
      rspec-mocks (~> 3.12)
      rspec-support (~> 3.12)
    rspec-support (3.12.1)
    sass-rails (6.0.0)
      sassc-rails (~> 2.1, >= 2.1.1)
    sassc (2.4.0)
      ffi (~> 1.9)
    sassc-rails (2.1.2)
      railties (>= 4.0.0)
      sassc (>= 2.0)
      sprockets (> 3.0)
      sprockets-rails
      tilt
    shellany (0.0.1)
    spring (4.1.3)
    sprockets (4.2.1)
      concurrent-ruby (~> 1.0)
      rack (>= 2.2.4, < 4)
    sprockets-rails (3.4.2)
      actionpack (>= 5.2)
      activesupport (>= 5.2)
      sprockets (>= 3.0.0)
    sqlite3 (1.7.0)
      mini_portile2 (~> 2.8.0)
    thor (1.3.0)
    tilt (2.3.0)
    timeout (0.4.1)
    tzinfo (2.0.6)
      concurrent-ruby (~> 1.0)
    uglifier (4.2.0)
      execjs (>= 0.3.0, < 3)
    warden (1.2.9)
      rack (>= 2.0.9)
    web-console (4.2.1)
      actionview (>= 6.0.0)
      activemodel (>= 6.0.0)
      bindex (>= 0.4.0)
      railties (>= 6.0.0)
    websocket-driver (0.7.6)
      websocket-extensions (>= 0.1.0)
    websocket-extensions (0.1.5)
    will_paginate (4.0.0)
    zeitwerk (2.6.12)

PLATFORMS
  ruby

DEPENDENCIES
  bcrypt
  bluecloth
  cancancan
  coffee-rails
  css3buttons
  devise
  guard-livereload
  jquery-rails
  mysql2
  nokogiri
  pg
  pry
  rack
  rails (~> 6.1)
  rake
  rspec
  rspec-rails
  sass-rails
  spring
  sqlite3
  uglifier
  web-console
  will_paginate

BUNDLED WITH
   2.4.15
